GEM
  remote: https://rubygems.org/
  specs:
    axiom-types (0.1.1)
      descendants_tracker (~> 0.0.4)
      ice_nine (~> 0.11.0)
      thread_safe (~> 0.3, >= 0.3.1)
    coercible (1.0.0)
      descendants_tracker (~> 0.0.1)
    connection_pool (2.2.2)
    descendants_tracker (0.0.4)
      thread_safe (~> 0.3, >= 0.3.1)
    diff-lcs (1.3)
    domain_name (0.5.20190701)
      unf (>= 0.0.5, < 1.0.0)
    dotenv (2.7.5)
    equalizer (0.0.11)
    faraday (1.0.1)
      multipart-post (>= 1.2, < 3)
    http-cookie (1.0.3)
      domain_name (~> 0.5)
    ice_nine (0.11.2)
    inflecto (0.0.2)
    mechanize (2.7.6)
      domain_name (~> 0.5, >= 0.5.1)
      http-cookie (~> 1.0)
      mime-types (>= 1.17.2)
      net-http-digest_auth (~> 1.1, >= 1.1.1)
      net-http-persistent (>= 2.5.2)
      nokogiri (~> 1.6)
      ntlm-http (~> 0.1, >= 0.1.1)
      webrobots (>= 0.0.9, < 0.2)
    mime-types (3.3.1)
      mime-types-data (~> 3.2015)
    mime-types-data (3.2019.1009)
    mini_portile2 (2.4.0)
    multipart-post (2.1.1)
    net-http-digest_auth (1.4.1)
    net-http-persistent (3.1.0)
      connection_pool (~> 2.2)
    nokogiri (1.10.9)
      mini_portile2 (~> 2.4.0)
    ntlm-http (0.1.1)
    rspec (3.9.0)
      rspec-core (~> 3.9.0)
      rspec-expectations (~> 3.9.0)
      rspec-mocks (~> 3.9.0)
    rspec-core (3.9.1)
      rspec-support (~> 3.9.1)
    rspec-expectations (3.9.1)
      diff-lcs (>= 1.2.0, < 2.0)
      rspec-support (~> 3.9.0)
    rspec-mocks (3.9.1)
      diff-lcs (>= 1.2.0, < 2.0)
      rspec-support (~> 3.9.0)
    rspec-support (3.9.2)
    telegram-bot-ruby (0.12.0)
      faraday
      inflecto
      virtus
    thread_safe (0.3.6)
    unf (0.1.4)
      unf_ext
    unf_ext (0.0.7.7)
    virtus (1.0.5)
      axiom-types (~> 0.1)
      coercible (~> 1.0)
      descendants_tracker (~> 0.0, >= 0.0.3)
      equalizer (~> 0.0, >= 0.0.9)
    webrobots (0.1.2)

PLATFORMS
  ruby

DEPENDENCIES
  dotenv!
  mechanize!
  nokogiri!
  rspec!
  telegram-bot-ruby!

RUBY VERSION
   ruby 2.7.1p83

BUNDLED WITH
   2.1.4
